GEM
  remote: https://rubygems.org/
  specs:
    erubis (2.7.0)
    pdfkit (0.8.2)
    rack (1.6.4)
    rack-protection (1.5.3)
      rack
    sinatra (1.4.7)
      rack (~> 1.5)
      rack-protection (~> 1.4)
      tilt (>= 1.3, < 3)
    tilt (2.0.5)
    wkhtmltopdf-binary (0.12.3)

PLATFORMS
  ruby

DEPENDENCIES
  erubis
  pdfkit
  sinatra
  wkhtmltopdf-binary

BUNDLED WITH
   1.13.2
